{
	"Modality": "MR",
	"MagneticFieldStrength": 6.98,
	"ImagingFrequency": 297.20548,
	"Manufacturer": "Siemens",
	"ManufacturersModelName": "Investigational_Device_7T",
	"InstitutionName": "Scannexus",
	"InstitutionalDepartmentName": "MRI 7T",
	"InstitutionAddress": "Oxfordlaan 55,Maastricht,Limburg,NL,6229 EV",
	"DeviceSerialNumber": "18930",
	"StationName": "MRC18930",
	"PatientPosition": "HFS",
	"ProcedureStepDescription": "FeDem^Faruk",
	"SoftwareVersions": "syngo MR B17",
	"MRAcquisitionType": "3D",
	"SeriesDescription": "t1_mprage_iso1_angulated",
	"ProtocolName": "t1_mprage_iso1_angulated",
	"ScanningSequence": "GR\\IR",
	"SequenceVariant": "SP\\MP",
	"ScanOptions": "IR",
	"SequenceName": "*tfl3d1_ns",
	"ImageType": ["ORIGINAL", "PRIMARY", "M", "ND"],
	"NonlinearGradientCorrection": false,
	"SeriesNumber": 5,
	"AcquisitionTime": "14:43:11.600000",
	"AcquisitionNumber": 1,
	"SliceThickness": 1,
	"SAR": 0.0328936,
	"EchoTime": 0.00231,
	"RepetitionTime": 2.37,
	"InversionTime": 1.5,
	"FlipAngle": 5,
	"PartialFourier": 1,
	"BaseResolution": 256,
	"ShimSetting": [
		100,
		-161,
		486,
		430,
		-28,
		-229,
		-278,
		176	],
	"TxRefAmp": 176.754,
	"PhaseResolution": 1,
	"ReceiveCoilName": "32Ch_Head_7T",
	"CoilString": "C:A32",
	"PulseSequenceDetails": "%SiemensSeq%\\tfl",
	"RefLinesPE": 64,
	"CoilCombinationMethod": "Adaptive Combine",
	"MatrixCoilMode": "GRAPPA",
	"PercentPhaseFOV": 100,
	"PercentSampling": 100,
	"PhaseEncodingSteps": 255,
	"AcquisitionMatrixPE": 256,
	"ReconMatrixPE": 256,
	"ParallelReductionFactorInPlane": 3,
	"PixelBandwidth": 181,
	"DwellTime": 1.08e-05,
	"ImageOrientationPatientDICOM": [
		-0.0223152,
		0.897469,
		-0.440512,
		-0.0168283,
		-0.440897,
		-0.8974	],
	"ImageOrientationText": "Sag>Tra(1.4)>Cor(-0.7)",
	"InPlanePhaseEncodingDirectionDICOM": "ROW",
	"ConversionSoftware": "dcm2niix",
	"ConversionSoftwareVersion": "v1.0.20230411"
}
