{
	"Modality": "MR",
	"MagneticFieldStrength": 6.98,
	"ImagingFrequency": 297.205591,
	"Manufacturer": "Siemens",
	"ManufacturersModelName": "Investigational_Device_7T",
	"InstitutionName": "Scannexus",
	"InstitutionalDepartmentName": "MRI 7T",
	"InstitutionAddress": "Oxfordlaan 55,Maastricht,Limburg,NL,6229 EV",
	"DeviceSerialNumber": "18930",
	"StationName": "MRC18930",
	"PatientPosition": "HFS",
	"ProcedureStepDescription": "FeDem^fMRI",
	"SoftwareVersions": "syngo MR B17",
	"MRAcquisitionType": "3D",
	"SeriesDescription": "t1_mprage_iso1_angulated",
	"ProtocolName": "t1_mprage_iso1_angulated",
	"ScanningSequence": "GR\\IR",
	"SequenceVariant": "SP\\MP",
	"ScanOptions": "IR",
	"SequenceName": "*tfl3d1_ns",
	"ImageType": ["ORIGINAL", "PRIMARY", "M", "ND"],
	"NonlinearGradientCorrection": false,
	"SeriesNumber": 5,
	"AcquisitionTime": "18:07:50.087500",
	"AcquisitionNumber": 1,
	"SliceThickness": 1,
	"SAR": 0.0297563,
	"EchoTime": 0.00231,
	"RepetitionTime": 2.37,
	"InversionTime": 1.5,
	"FlipAngle": 5,
	"PartialFourier": 1,
	"BaseResolution": 256,
	"ShimSetting": [
		83,
		-18,
		483,
		568,
		-170,
		372,
		397,
		176	],
	"TxRefAmp": 170,
	"PhaseResolution": 1,
	"ReceiveCoilName": "32Ch_Head_7T",
	"CoilString": "C:A32",
	"PulseSequenceDetails": "%SiemensSeq%\\tfl",
	"RefLinesPE": 64,
	"CoilCombinationMethod": "Adaptive Combine",
	"MatrixCoilMode": "GRAPPA",
	"PercentPhaseFOV": 100,
	"PercentSampling": 100,
	"PhaseEncodingSteps": 255,
	"AcquisitionMatrixPE": 256,
	"ReconMatrixPE": 256,
	"ParallelReductionFactorInPlane": 3,
	"PixelBandwidth": 181,
	"DwellTime": 1.08e-05,
	"ImageOrientationPatientDICOM": [
		-0.0256197,
		0.92569,
		-0.377414,
		0.0197251,
		-0.376996,
		-0.926005	],
	"ImageOrientationText": "Sag>Cor(-1.8)>Tra(-0.5)",
	"InPlanePhaseEncodingDirectionDICOM": "ROW",
	"ConversionSoftware": "dcm2niix",
	"ConversionSoftwareVersion": "v1.0.20230411"
}
