{
    "Modality": "MR",
    "MagneticFieldStrength": 6.98,
    "ImagingFrequency": 297.205468,
    "Manufacturer": "Siemens",
    "ManufacturersModelName": "Investigational_Device_7T",
    "InstitutionName": "Scannexus",
    "InstitutionalDepartmentName": "MRI 7T",
    "InstitutionAddress": "Oxfordlaan 55,Maastricht,Limburg,NL,6229 EV",
    "DeviceSerialNumber": "18930",
    "StationName": "MRC18930",
    "PatientPosition": "HFS",
    "ProcedureStepDescription": "FeDem^Faruk",
    "SoftwareVersions": "syngo MR B17",
    "MRAcquisitionType": "2D",
    "SeriesDescription": "cmrr_mbep2d_bold_AP_run5",
    "ProtocolName": "cmrr_mbep2d_bold_AP_run5",
    "ScanningSequence": "EP",
    "SequenceVariant": "SK\\SS",
    "ScanOptions": "PFP\\FS",
    "SequenceName": "epfid2d1_188",
    "ImageType": [
        "ORIGINAL",
        "PRIMARY",
        "M",
        "MB",
        "ND",
        "MOSAIC"
    ],
    "NonlinearGradientCorrection": false,
    "SeriesNumber": 14,
    "AcquisitionTime": "14:21:58.227500",
    "AcquisitionNumber": 1,
    "ImageComments": "Unaliased MB2/PE2",
    "SliceThickness": 1.1,
    "SpacingBetweenSlices": 1.1,
    "SAR": 0.0856707,
    "EchoTime": 0.02,
    "RepetitionTime": 2.6,
    "FlipAngle": 80,
    "PartialFourier": 0.75,
    "BaseResolution": 188,
    "ShimSetting": [
        21,
        -82,
        439,
        237,
        -141,
        433,
        -83,
        152
    ],
    "DelayTime": 1.2,
    "TxRefAmp": 270,
    "PhaseResolution": 1,
    "ReceiveCoilName": "32Ch_Head_7T",
    "CoilString": "C:A32",
    "PulseSequenceDetails": "%CustomerSeq%\\cmrr_mbep2d_bold",
    "RefLinesPE": 81,
    "CoilCombinationMethod": "Sum of Squares",
    "MatrixCoilMode": "GRAPPA",
    "MultibandAccelerationFactor": 2,
    "PercentPhaseFOV": 100,
    "PercentSampling": 100,
    "PhaseEncodingSteps": 141,
    "AcquisitionMatrixPE": 188,
    "ReconMatrixPE": 188,
    "BandwidthPerPixelPhaseEncode": 19.46,
    "ParallelReductionFactorInPlane": 3,
    "EffectiveEchoSpacing": 0.000273338,
    "DerivedVendorReportedEchoSpacing": 0.000820013,
    "TotalReadoutTime": 0.0511141,
    "PixelBandwidth": 1400,
    "DwellTime": 1.9e-06,
    "PhaseEncodingDirection": "j",
    "SliceTiming": [
        0,
        0.7325,
        0.06,
        0.7925,
        0.1225,
        0.855,
        0.1825,
        0.915,
        0.245,
        0.9775,
        0.305,
        1.0375,
        0.365,
        1.1,
        0.4275,
        1.16,
        0.4875,
        1.2225,
        0.55,
        1.2825,
        0.61,
        1.3425,
        0.6725,
        0,
        0.7325,
        0.06,
        0.7925,
        0.1225,
        0.855,
        0.1825,
        0.915,
        0.245,
        0.9775,
        0.305,
        1.0375,
        0.365,
        1.1,
        0.4275,
        1.16,
        0.4875,
        1.2225,
        0.55,
        1.2825,
        0.61,
        1.3425,
        0.6725
    ],
    "ImageOrientationPatientDICOM": [
        0.997883,
        0.0404146,
        -0.0509586,
        -0.0563902,
        0.147206,
        -0.987497
    ],
    "ImageOrientationText": "Cor>Tra(-8.6)>Sag(1.9)",
    "InPlanePhaseEncodingDirectionDICOM": "COL",
    "ConversionSoftware": "dcm2niix",
    "ConversionSoftwareVersion": "v1.0.20230411",
    "TaskName": "auditory"
}