{
	"Modality": "MR",
	"MagneticFieldStrength": 6.98,
	"ImagingFrequency": 297.205436,
	"Manufacturer": "Siemens",
	"ManufacturersModelName": "Investigational_Device_7T",
	"InstitutionName": "Scannexus",
	"InstitutionalDepartmentName": "MRI 7T",
	"InstitutionAddress": "Oxfordlaan 55,Maastricht,Limburg,NL,6229 EV",
	"DeviceSerialNumber": "18930",
	"StationName": "MRC18930",
	"PatientPosition": "HFS",
	"ProcedureStepDescription": "FeDem^Faruk",
	"SoftwareVersions": "syngo MR B17",
	"MRAcquisitionType": "2D",
	"SeriesDescription": "cmrr_mbep2d_bold_PA",
	"ProtocolName": "cmrr_mbep2d_bold_PA",
	"ScanningSequence": "EP",
	"SequenceVariant": "SK\\SS",
	"ScanOptions": "PFP\\FS",
	"SequenceName": "epfid2d1_188",
	"ImageType": ["ORIGINAL", "PRIMARY", "M", "MB", "ND", "MOSAIC"],
	"NonlinearGradientCorrection": false,
	"SeriesNumber": 9,
	"AcquisitionTime": "12:46:33.217500",
	"AcquisitionNumber": 1,
	"ImageComments": "Unaliased MB2/PE2",
	"SliceThickness": 1.1,
	"SpacingBetweenSlices": 1.1,
	"SAR": 0.0394484,
	"EchoTime": 0.02,
	"RepetitionTime": 2.6,
	"FlipAngle": 80,
	"PartialFourier": 0.75,
	"BaseResolution": 188,
	"ShimSetting": [
		117,
		-139,
		415,
		467,
		-71,
		-134,
		50,
		133	],
	"DelayTime": 1.2,
	"TxRefAmp": 255,
	"PhaseResolution": 1,
	"ReceiveCoilName": "32Ch_Head_7T",
	"CoilString": "C:A32",
	"PulseSequenceDetails": "%CustomerSeq%\\cmrr_mbep2d_bold",
	"RefLinesPE": 81,
	"CoilCombinationMethod": "Sum of Squares",
	"MatrixCoilMode": "GRAPPA",
	"MultibandAccelerationFactor": 2,
	"PercentPhaseFOV": 100,
	"PercentSampling": 100,
	"PhaseEncodingSteps": 141,
	"AcquisitionMatrixPE": 188,
	"ReconMatrixPE": 188,
	"BandwidthPerPixelPhaseEncode": 19.46,
	"ParallelReductionFactorInPlane": 3,
	"EffectiveEchoSpacing": 0.000273338,
	"DerivedVendorReportedEchoSpacing": 0.000820013,
	"TotalReadoutTime": 0.0511141,
	"PixelBandwidth": 1400,
	"DwellTime": 1.9e-06,
	"PhaseEncodingDirection": "j-",
	"SliceTiming": [
		0,
		0.7325,
		0.0625,
		0.795,
		0.1225,
		0.855,
		0.1825,
		0.9175,
		0.245,
		0.9775,
		0.305,
		1.04,
		0.3675,
		1.1,
		0.4275,
		1.1625,
		0.49,
		1.2225,
		0.55,
		1.2825,
		0.6125,
		1.345,
		0.6725,
		0,
		0.7325,
		0.0625,
		0.795,
		0.1225,
		0.855,
		0.1825,
		0.9175,
		0.245,
		0.9775,
		0.305,
		1.04,
		0.3675,
		1.1,
		0.4275,
		1.1625,
		0.49,
		1.2225,
		0.55,
		1.2825,
		0.6125,
		1.345,
		0.6725	],
	"ImageOrientationPatientDICOM": [
		0.999989,
		-0.00342605,
		-0.00324949,
		-0.00275272,
		0.136169,
		-0.990682	],
	"ImageOrientationText": "Cor>Tra(-7.8)>Sag(-0.2)",
	"InPlanePhaseEncodingDirectionDICOM": "COL",
	"ConversionSoftware": "dcm2niix",
	"ConversionSoftwareVersion": "v1.0.20230411"
}
