{
	"Modality": "MR",
	"MagneticFieldStrength": 6.98,
	"ImagingFrequency": 297.205617,
	"Manufacturer": "Siemens",
	"ManufacturersModelName": "Investigational_Device_7T",
	"InstitutionName": "Scannexus",
	"InstitutionalDepartmentName": "MRI 7T",
	"InstitutionAddress": "Oxfordlaan 55,Maastricht,Limburg,NL,6229 EV",
	"DeviceSerialNumber": "18930",
	"StationName": "MRC18930",
	"PatientPosition": "HFS",
	"ProcedureStepDescription": "FeDem^Faruk",
	"SoftwareVersions": "syngo MR B17",
	"MRAcquisitionType": "3D",
	"SeriesDescription": "pd_mprage_iso1_angulated",
	"ProtocolName": "pd_mprage_iso1_angulated",
	"ScanningSequence": "GR",
	"SequenceVariant": "SP",
	"SequenceName": "*tfl3d1_ns",
	"ImageType": ["ORIGINAL", "PRIMARY", "M", "ND"],
	"NonlinearGradientCorrection": false,
	"SeriesNumber": 6,
	"AcquisitionTime": "16:41:39.022500",
	"AcquisitionNumber": 1,
	"SliceThickness": 1,
	"SAR": 0.0107422,
	"EchoTime": 0.00231,
	"RepetitionTime": 1.3,
	"FlipAngle": 5,
	"PartialFourier": 1,
	"BaseResolution": 256,
	"ShimSetting": [
		174,
		-132,
		201,
		542,
		76,
		-41,
		-477,
		38	],
	"TxRefAmp": 180,
	"PhaseResolution": 1,
	"ReceiveCoilName": "32Ch_Head_7T",
	"CoilString": "C:A32",
	"PulseSequenceDetails": "%SiemensSeq%\\tfl",
	"RefLinesPE": 64,
	"CoilCombinationMethod": "Adaptive Combine",
	"MatrixCoilMode": "GRAPPA",
	"PercentPhaseFOV": 100,
	"PercentSampling": 100,
	"PhaseEncodingSteps": 255,
	"AcquisitionMatrixPE": 256,
	"ReconMatrixPE": 256,
	"ParallelReductionFactorInPlane": 3,
	"PixelBandwidth": 181,
	"DwellTime": 1.08e-05,
	"ImageOrientationPatientDICOM": [
		0.0996588,
		0.90631,
		-0.410695,
		0.0690676,
		-0.418055,
		-0.905792	],
	"ImageOrientationText": "Sag>Tra(-6.0)>Cor(3.5)",
	"InPlanePhaseEncodingDirectionDICOM": "ROW",
	"ConversionSoftware": "dcm2niix",
	"ConversionSoftwareVersion": "v1.0.20230411"
}
