{
	"Modality": "MR",
	"MagneticFieldStrength": 6.98,
	"ImagingFrequency": 297.205423,
	"Manufacturer": "Siemens",
	"ManufacturersModelName": "Investigational_Device_7T",
	"InstitutionName": "Scannexus",
	"InstitutionalDepartmentName": "MRI 7T",
	"InstitutionAddress": "Oxfordlaan 55,Maastricht,Limburg,NL,6229 EV",
	"DeviceSerialNumber": "18930",
	"StationName": "MRC18930",
	"PatientPosition": "HFS",
	"ProcedureStepDescription": "FeDem^fMRI",
	"SoftwareVersions": "syngo MR B17",
	"MRAcquisitionType": "3D",
	"SeriesDescription": "t1_mprage_iso1_angulated",
	"ProtocolName": "t1_mprage_iso1_angulated",
	"ScanningSequence": "GR\\IR",
	"SequenceVariant": "SP\\MP",
	"ScanOptions": "IR",
	"SequenceName": "*tfl3d1_ns",
	"ImageType": ["ORIGINAL", "PRIMARY", "M", "ND"],
	"NonlinearGradientCorrection": false,
	"SeriesNumber": 5,
	"AcquisitionTime": "10:36:15.537500",
	"AcquisitionNumber": 1,
	"SliceThickness": 1,
	"SAR": 0.03757,
	"EchoTime": 0.00231,
	"RepetitionTime": 2.37,
	"InversionTime": 1.5,
	"FlipAngle": 5,
	"PartialFourier": 1,
	"BaseResolution": 256,
	"ShimSetting": [
		140,
		-56,
		513,
		496,
		73,
		-8,
		-289,
		115	],
	"TxRefAmp": 200,
	"PhaseResolution": 1,
	"ReceiveCoilName": "32Ch_Head_7T",
	"CoilString": "C:A32",
	"PulseSequenceDetails": "%SiemensSeq%\\tfl",
	"RefLinesPE": 64,
	"CoilCombinationMethod": "Adaptive Combine",
	"MatrixCoilMode": "GRAPPA",
	"PercentPhaseFOV": 100,
	"PercentSampling": 100,
	"PhaseEncodingSteps": 255,
	"AcquisitionMatrixPE": 256,
	"ReconMatrixPE": 256,
	"ParallelReductionFactorInPlane": 3,
	"PixelBandwidth": 181,
	"DwellTime": 1.08e-05,
	"ImageOrientationPatientDICOM": [
		0.0368123,
		0.871195,
		-0.489556,
		0.055294,
		-0.490913,
		-0.869452	],
	"ImageOrientationText": "Sag>Tra(-3.8)>Cor(0.3)",
	"InPlanePhaseEncodingDirectionDICOM": "ROW",
	"ConversionSoftware": "dcm2niix",
	"ConversionSoftwareVersion": "v1.0.20230411"
}
