{
	"Modality": "MR",
	"MagneticFieldStrength": 6.98,
	"ImagingFrequency": 297.205439,
	"Manufacturer": "Siemens",
	"ManufacturersModelName": "Investigational_Device_7T",
	"InstitutionName": "Scannexus",
	"InstitutionalDepartmentName": "MRI 7T",
	"InstitutionAddress": "Oxfordlaan 55,Maastricht,Limburg,NL,6229 EV",
	"DeviceSerialNumber": "18930",
	"StationName": "MRC18930",
	"PatientPosition": "HFS",
	"ProcedureStepDescription": "FeDem^Faruk",
	"SoftwareVersions": "syngo MR B17",
	"MRAcquisitionType": "3D",
	"SeriesDescription": "pd_mprage_iso1_angulated",
	"ProtocolName": "pd_mprage_iso1_angulated",
	"ScanningSequence": "GR",
	"SequenceVariant": "SP",
	"SequenceName": "*tfl3d1_ns",
	"ImageType": ["ORIGINAL", "PRIMARY", "M", "ND"],
	"NonlinearGradientCorrection": false,
	"SeriesNumber": 6,
	"AcquisitionTime": "12:39:13.005000",
	"AcquisitionNumber": 1,
	"SliceThickness": 1,
	"SAR": 0.00997772,
	"EchoTime": 0.00231,
	"RepetitionTime": 1.3,
	"FlipAngle": 5,
	"PartialFourier": 1,
	"BaseResolution": 256,
	"ShimSetting": [
		117,
		-139,
		415,
		467,
		-71,
		-134,
		50,
		133	],
	"TxRefAmp": 185.189,
	"PhaseResolution": 1,
	"ReceiveCoilName": "32Ch_Head_7T",
	"CoilString": "C:A32",
	"PulseSequenceDetails": "%SiemensSeq%\\tfl",
	"RefLinesPE": 64,
	"CoilCombinationMethod": "Adaptive Combine",
	"MatrixCoilMode": "GRAPPA",
	"PercentPhaseFOV": 100,
	"PercentSampling": 100,
	"PhaseEncodingSteps": 255,
	"AcquisitionMatrixPE": 256,
	"ReconMatrixPE": 256,
	"ParallelReductionFactorInPlane": 3,
	"PixelBandwidth": 181,
	"DwellTime": 1.08e-05,
	"ImageOrientationPatientDICOM": [
		0.0308073,
		0.89436,
		-0.446286,
		0.020021,
		-0.446961,
		-0.894329	],
	"ImageOrientationText": "Sag>Tra(-1.8)>Cor(1.1)",
	"InPlanePhaseEncodingDirectionDICOM": "ROW",
	"ConversionSoftware": "dcm2niix",
	"ConversionSoftwareVersion": "v1.0.20230411"
}
